GEM
  remote: https://rubygems.org/
  specs:
    chronic (0.6.7)
    daemons (1.1.8)
    eventmachine (0.12.10)
    haml (3.1.6)
    rack (1.4.1)
    rack-protection (1.2.0)
      rack
    rdiscount (1.6.8)
    shotgun (0.9)
      rack (>= 1.0)
    sinatra (1.3.2)
      rack (~> 1.3, >= 1.3.6)
      rack-protection (~> 1.2)
      tilt (~> 1.3, >= 1.3.3)
    thin (1.3.1)
      daemons (>= 1.0.9)
      eventmachine (>= 0.12.6)
      rack (>= 1.0.0)
    tilt (1.3.3)

PLATFORMS
  ruby

DEPENDENCIES
  chronic (~> 0.6)
  haml (~> 3.1)
  rdiscount (~> 1.6.8)
  shotgun
  sinatra (~> 1.3)
  thin
